GEM
  remote: https://rubygems.org/
  specs:
    coderay (1.1.1)
    happymapper (0.4.1)
      libxml-ruby (~> 2.0)
    json (2.1.0)
    libxml-ruby (2.9.0)
    method_source (0.8.2)
    mini_portile2 (2.2.0)
    nokogiri (1.8.0)
      mini_portile2 (~> 2.2.0)
    nokogiri-happymapper (0.5.9)
      nokogiri (~> 1.5)
    pry (0.10.4)
      coderay (~> 1.1.0)
      method_source (~> 0.8.1)
      slop (~> 3.4)
    slop (3.6.0)
    thor (0.19.4)

PLATFORMS
  ruby

DEPENDENCIES
  happymapper
  json
  nokogiri
  nokogiri-happymapper
  pry
  thor

BUNDLED WITH
   1.15.1
